PATH
  remote: BCDice
  specs:
    bcdice (3.5.0)
      i18n (~> 1.8.5)

GEM
  remote: https://rubygems.org/
  specs:
    ast (2.4.2)
    codecov (0.4.3)
      simplecov (>= 0.15, < 0.22)
    concurrent-ruby (1.1.9)
    docile (1.4.0)
    i18n (1.8.10)
      concurrent-ruby (~> 1.0)
    opal (1.3.2)
      ast (>= 2.3.0)
      parser (~> 3.0)
    parallel (1.20.1)
    parser (3.0.1.1)
      ast (~> 2.4.1)
    power_assert (2.0.0)
    racc (1.5.2)
    rainbow (3.0.0)
    rake (13.0.3)
    regexp_parser (2.1.1)
    rexml (3.2.5)
    rubocop (1.7.0)
      parallel (~> 1.10)
      parser (>= 2.7.1.5)
      rainbow (>= 2.2.2, < 4.0)
      regexp_parser (>= 1.8, < 3.0)
      rexml
      rubocop-ast (>= 1.2.0, < 2.0)
      ruby-progressbar (~> 1.7)
      unicode-display_width (>= 1.4.0, < 2.0)
    rubocop-ast (1.7.0)
      parser (>= 3.0.1.1)
    ruby-progressbar (1.11.0)
    simplecov (0.21.2)
      docile (~> 1.1)
      simplecov-html (~> 0.11)
      simplecov_json_formatter (~> 0.1)
    simplecov-html (0.12.3)
    simplecov_json_formatter (0.1.3)
    test-unit (3.3.9)
      power_assert
    tomlrb (2.0.1)
    unicode-display_width (1.7.0)
    yard (0.9.26)

PLATFORMS
  ruby
  x64-mingw32

DEPENDENCIES
  bcdice!
  codecov (~> 0.4.2)
  opal (>= 1.3.0)
  racc (~> 1.5.1)
  rake (~> 13.0.3)
  rubocop (~> 1.7.0)
  simplecov (~> 0.21.2)
  test-unit (~> 3.3.7)
  tomlrb
  yard

BUNDLED WITH
   2.2.22
