PATH
  remote: BCDice
  specs:
    bcdice (3.14.0)
      i18n (~> 1.8.5)
      racc (~> 1.7.3)

GEM
  remote: https://rubygems.org/
  specs:
    ast (2.4.2)
    concurrent-ruby (1.3.3)
    docile (1.4.0)
    i18n (1.8.11)
      concurrent-ruby (~> 1.0)
    json (2.7.1)
    language_server-protocol (3.17.0.3)
    opal (1.7.4)
      ast (>= 2.3.0)
      parser (~> 3.0, >= 3.0.3.2)
    parallel (1.24.0)
    parser (3.3.0.5)
      ast (~> 2.4.1)
      racc
    power_assert (2.0.3)
    racc (1.7.3)
    rainbow (3.1.1)
    rake (13.1.0)
    regexp_parser (2.9.0)
    rexml (3.2.6)
    rubocop (1.59.0)
      json (~> 2.3)
      language_server-protocol (>= 3.17.0)
      parallel (~> 1.10)
      parser (>= 3.2.2.4)
      rainbow (>= 2.2.2, < 4.0)
      regexp_parser (>= 1.8, < 3.0)
      rexml (>= 3.2.5, < 4.0)
      rubocop-ast (>= 1.30.0, < 2.0)
      ruby-progressbar (~> 1.7)
      unicode-display_width (>= 2.4.0, < 3.0)
    rubocop-ast (1.30.0)
      parser (>= 3.2.1.0)
    ruby-progressbar (1.13.0)
    simplecov (0.21.2)
      docile (~> 1.1)
      simplecov-html (~> 0.11)
      simplecov_json_formatter (~> 0.1)
    simplecov-cobertura (2.1.0)
      rexml
      simplecov (~> 0.19)
    simplecov-html (0.12.3)
    simplecov_json_formatter (0.1.4)
    test-unit (3.6.1)
      power_assert
    tomlrb (2.0.3)
    unicode-display_width (2.5.0)
    yard (0.9.34)

PLATFORMS
  ruby
  x64-mingw32

DEPENDENCIES
  bcdice!
  opal (~> 1.7.4)
  rake (~> 13.1.0)
  rubocop (~> 1.59.0)
  simplecov (~> 0.21.2)
  simplecov-cobertura (~> 2.1.0)
  test-unit (~> 3.6.1)
  tomlrb (~> 2.0.3)
  yard (~> 0.9.34)

BUNDLED WITH
   2.1.4
